PATH
  remote: ~/src/skypekit
  specs:
    skypekit (0.0.1)
      ffi (>= 1.0.0)

GEM
  remote: https://rubygems.org/
  specs:
    daemon_controller (1.0.0)
    fastthread (1.0.7)
    ffi (1.0.11)
    json (1.7.4)
    passenger (3.0.15)
      daemon_controller (>= 1.0.0)
      fastthread (>= 1.0.1)
      rack
      rake (>= 0.8.1)
    rack (1.4.1)
    rack-protection (1.2.0)
      rack
    rake (0.9.2.2)
    sinatra (1.3.2)
      rack (~> 1.3, >= 1.3.6)
      rack-protection (~> 1.2)
      tilt (~> 1.3, >= 1.3.3)
    tilt (1.3.3)

PLATFORMS
  ruby

DEPENDENCIES
  json
  passenger
  sinatra
  skypekit!
